PATH
  remote: .
  specs:
    narray-fromfile (0.1.2)
      numo-narray

GEM
  remote: https://rubygems.org/
  specs:
    numo-narray (0.9.1.9)
    rake (13.0.6)
    rake-compiler (1.1.1)
      rake

PLATFORMS
  ruby

DEPENDENCIES
  bundler
  narray-fromfile!
  numo-narray (~> 0.9.1.3)
  rake (~> 13.0)
  rake-compiler

BUNDLED WITH
   2.1.4
