PATH
  remote: .
  specs:
    narray-fromfile (0.1.0)
      numo-narray

GEM
  remote: https://rubygems.org/
  specs:
    numo-narray (0.9.1.9)
    rake (13.0.6)

PLATFORMS
  x86_64-linux

DEPENDENCIES
  narray-fromfile!
  numo-narray (~> 0.9.1.3)
  rake (~> 13.0)

BUNDLED WITH
   2.2.22
