PATH
  remote: .
  specs:
    narray-fromfile (0.1.2)
      numo-narray

GEM
  remote: https://rubygems.org/
  specs:
    numo-narray (0.9.2.0)
    rake (13.0.6)
    rake-compiler (1.1.1)
      rake

PLATFORMS
  x86_64-linux

DEPENDENCIES
  bundler
  narray-fromfile!
  numo-narray
  rake (~> 13.0)
  rake-compiler

BUNDLED WITH
   2.2.22
